GEM
  remote: https://rubygems.org/
  specs:
    murmurhash3 (0.1.6)
    mustermann (3.0.0)
      ruby2_keywords (~> 0.0.1)
    nio4r (2.7.0)
    puma (5.6.8)
      nio4r (~> 2.0)
    rack (2.2.6.4)
    rack-protection (3.0.4)
      rack
    ruby2_keywords (0.0.5)
    sinatra (3.0.4)
      mustermann (~> 3.0)
      rack (~> 2.2, >= 2.2.4)
      rack-protection (= 3.0.4)
      tilt (~> 2.0)
    tilt (2.0.11)
    unleash (4.4.0)
      murmurhash3 (~> 0.1.6)

PLATFORMS
  x86_64-linux

DEPENDENCIES
  puma (~> 5.6)
  sinatra (~> 3.0)
  unleash (~> 4.4)

BUNDLED WITH
   2.2.22
